PATH
  remote: .
  specs:
    change_case (0.1.0)

GEM
  remote: https://rubygems.org/
  specs:
    rake (13.2.1)

PLATFORMS
  ruby
  x86_64-linux

DEPENDENCIES
  change_case!
  rake (~> 13.0)

BUNDLED WITH
   2.6.2
